GEM
  remote: https://rubygems.org/
  specs:
    artii (2.1.2)
    colorize (0.8.1)
    lolcat (99.9.11)
      manpages (~> 0.6.1)
      paint (~> 2.0.0)
      trollop (~> 2.1.2)
    manpages (0.6.1)
    paint (2.0.1)
    trollop (2.1.3)

PLATFORMS
  ruby

DEPENDENCIES
  artii
  colorize
  lolcat

BUNDLED WITH
   1.16.3
